GEM
  remote: http://rubygems.org/
  specs:
    concurrent-ruby (1.1.10)
    daemons (1.4.1)
    eventmachine (1.2.7)
    i18n (1.10.0)
      concurrent-ruby (~> 1.0)
    maruku (0.7.3)
    mustermann (1.1.1)
      ruby2_keywords (~> 0.0.1)
    rack (2.2.3.1)
    rack-protection (2.2.0)
      rack
    rack-ssl-enforcer (0.2.9)
    rexml (3.2.5)
    ruby2_keywords (0.0.5)
    sinatra (2.2.0)
      mustermann (~> 1.0)
      rack (~> 2.2)
      rack-protection (= 2.2.0)
      tilt (~> 2.0)
    thin (1.8.1)
      daemons (~> 1.0, >= 1.0.9)
      eventmachine (~> 1.0, >= 1.0.4)
      rack (>= 1, < 3)
    tilt (2.0.10)

PLATFORMS
  ruby

DEPENDENCIES
  i18n
  maruku
  rack-ssl-enforcer
  rexml
  sinatra (>= 2.2.0)
  thin (>= 1.8.1)

RUBY VERSION
   ruby 3.1.2p20

BUNDLED WITH
   2.3.14
