GEM
  remote: http://rubygems.org/
  specs:
    base64 (0.3.0)
    concurrent-ruby (1.3.5)
    daemons (1.4.1)
    eventmachine (1.2.7)
    i18n (1.14.7)
      concurrent-ruby (~> 1.0)
    logger (1.7.0)
    maruku (0.7.3)
    mustermann (3.0.3)
      ruby2_keywords (~> 0.0.1)
    nio4r (2.7.4)
    ostruct (0.6.2)
    puma (6.6.0)
      nio4r (~> 2.0)
    rack (3.1.16)
    rack-protection (4.1.1)
      base64 (>= 0.1.0)
      logger (>= 1.6.0)
      rack (>= 3.0.0, < 4)
    rack-session (2.1.1)
      base64 (>= 0.1.0)
      rack (>= 3.0.0)
    rack-ssl-enforcer (0.2.9)
    rackup (2.2.1)
      rack (>= 3)
    rexml (3.4.1)
    ruby2_keywords (0.0.5)
    sinatra (4.1.1)
      logger (>= 1.6.0)
      mustermann (~> 3.0)
      rack (>= 3.0.0, < 4)
      rack-protection (= 4.1.1)
      rack-session (>= 2.0.0, < 3)
      tilt (~> 2.0)
    thin (2.0.1)
      daemons (~> 1.0, >= 1.0.9)
      eventmachine (~> 1.0, >= 1.0.4)
      logger
      rack (>= 1, < 4)
    tilt (2.6.1)

PLATFORMS
  ruby

DEPENDENCIES
  i18n
  maruku
  ostruct (~> 0.6.2)
  puma (~> 6.6)
  rack-ssl-enforcer
  rackup (~> 2.2)
  rexml
  sinatra (>= 2.2.0)
  thin (>= 1.8.1)

RUBY VERSION
   ruby 3.2.3p157

BUNDLED WITH
   2.4.20
